GEM
  remote: http://rubygems.org/
  specs:
    RedCloth (4.1.9)
    actionmailer (2.3.5)
      actionpack (= 2.3.5)
    actionpack (2.3.5)
      activesupport (= 2.3.5)
      rack (~> 1.0.0)
    activemerchant (1.4.2)
      activesupport (>= 2.3.2)
      builder (>= 2.0.0)
    activerecord (2.3.5)
      activesupport (= 2.3.5)
    activeresource (2.3.5)
      activesupport (= 2.3.5)
    activesupport (2.3.5)
    builder (2.1.2)
    configuration (1.1.0)
    cucumber (0.3.103)
      builder (>= 2.1.2)
      diff-lcs (>= 1.1.2)
      polyglot (>= 0.2.9)
      term-ansicolor (>= 1.0.3)
      treetop (>= 1.4.2)
    diff-lcs (1.1.2)
    factory_girl (1.2.3)
    faker (0.3.1)
    geoip (0.8.6)
    haml (2.2.3)
    heroku (1.9.13)
      json_pure (>= 1.2.0, < 1.5.0)
      launchy (~> 0.3.2)
      rest-client (~> 1.4.0)
    hoptoad_notifier (2.1.3)
      activesupport
    json_pure (1.4.3)
    launchy (0.3.5)
      configuration (>= 0.0.5)
      rake (>= 0.8.1)
    mime-types (1.16)
    mocha (0.9.8)
      rake
    money (2.1.5)
    nokogiri (1.4.1)
    pg (0.9.0)
    polyglot (0.2.9)
    rack (1.0.1)
    rails (2.3.5)
      actionmailer (= 2.3.5)
      actionpack (= 2.3.5)
      activerecord (= 2.3.5)
      activeresource (= 2.3.5)
      activesupport (= 2.3.5)
      rake (>= 0.8.3)
    rake (0.8.7)
    redgreen (1.2.2)
    rest-client (1.4.2)
      mime-types (>= 1.16)
    rspec (1.2.8)
    rspec-rails (1.2.7.1)
      rack (>= 0.4.0)
      rspec (>= 1.2.7)
    shoulda (2.10.2)
    sqlite3-ruby (1.2.5)
    term-ansicolor (1.0.4)
    treetop (1.4.3)
      polyglot (>= 0.2.5)
    webrat (0.5.0)
      nokogiri (>= 1.2.0)

PLATFORMS
  ruby

DEPENDENCIES
  RedCloth (= 4.1.9)
  activemerchant (= 1.4.2)
  cucumber (= 0.3.103)
  factory_girl (= 1.2.3)
  faker (= 0.3.1)
  geoip (= 0.8.6)
  haml (= 2.2.3)
  heroku (= 1.9.13)
  hoptoad_notifier (= 2.1.3)
  mocha (= 0.9.8)
  money (= 2.1.5)
  pg (= 0.9.0)
  rails (= 2.3.5)
  redgreen (= 1.2.2)
  rspec (= 1.2.8)
  rspec-rails (= 1.2.7.1)
  shoulda (= 2.10.2)
  sqlite3-ruby (= 1.2.5)
  webrat (= 0.5.0)
