PATH
  remote: .
  specs:
    graphite (0.0.0)

GEM
  remote: http://rubygems.org/
  specs:
    rake (0.8.7)
    shoe (0.7.1)
      rake (~> 0.8.7)

PLATFORMS
  ruby

DEPENDENCIES
  graphite!
  shoe
