PATH
  remote: .
  specs:
    graphite (0.0.0)

GEM
  remote: http://rubygems.org/
  specs:
    configuration (1.1.0)
    launchy (0.3.7)
      configuration (>= 0.0.5)
      rake (>= 0.8.1)
    rake (0.8.7)
    shoe (0.6.2)
      launchy
      rake

PLATFORMS
  ruby

DEPENDENCIES
  graphite!
  shoe
